GEM
  remote: https://rubygems.org/
  specs:
    amazing_print (1.4.0)
    appraisal (2.4.1)
      bundler
      rake
      thor (>= 0.14.0)
    ast (2.4.2)
    byebug (11.1.3)
    diff-lcs (1.5.0)
    docile (1.4.0)
    nio4r (2.5.8)
    parallel (1.21.0)
    parser (3.0.3.2)
      ast (~> 2.4.1)
    psych (4.0.3)
      stringio
    puma (5.5.2)
      nio4r (~> 2.0)
    rack (2.2.3)
    rainbow (3.0.0)
    rake (13.0.6)
    rdoc (6.4.0)
      psych (>= 4.0.0)
    regexp_parser (2.2.0)
    rexml (3.2.5)
    rspec (3.10.0)
      rspec-core (~> 3.10.0)
      rspec-expectations (~> 3.10.0)
      rspec-mocks (~> 3.10.0)
    rspec-core (3.10.1)
      rspec-support (~> 3.10.0)
    rspec-expectations (3.10.1)
      diff-lcs (>= 1.2.0, < 2.0)
      rspec-support (~> 3.10.0)
    rspec-mocks (3.10.2)
      diff-lcs (>= 1.2.0, < 2.0)
      rspec-support (~> 3.10.0)
    rspec-support (3.10.3)
    rubocop (1.24.0)
      parallel (~> 1.10)
      parser (>= 3.0.0.0)
      rainbow (>= 2.2.2, < 4.0)
      regexp_parser (>= 1.8, < 3.0)
      rexml
      rubocop-ast (>= 1.15.0, < 2.0)
      ruby-progressbar (~> 1.7)
      unicode-display_width (>= 1.4.0, < 3.0)
    rubocop-ast (1.15.1)
      parser (>= 3.0.1.1)
    ruby-progressbar (1.11.0)
    sdoc (2.2.0)
      rdoc (>= 5.0)
    simplecov (0.21.2)
      docile (~> 1.1)
      simplecov-html (~> 0.11)
      simplecov_json_formatter (~> 0.1)
    simplecov-cobertura (2.1.0)
      rexml
      simplecov (~> 0.19)
    simplecov-html (0.12.3)
    simplecov_json_formatter (0.1.3)
    stringio (3.0.1)
    thor (1.1.0)
    unicode-display_width (2.1.0)

PLATFORMS
  x86_64-darwin-20
  x86_64-darwin-21
  x86_64-linux

DEPENDENCIES
  amazing_print
  appraisal
  byebug
  puma
  rack
  rake (~> 13.0)
  rspec (~> 3.0)
  rubocop
  sdoc
  simplecov
  simplecov-cobertura

BUNDLED WITH
   2.3.4
