GEM
  remote: https://rubygems.org/
  specs:
    amazing_print (1.4.0)
    appraisal (2.4.1)
      bundler
      rake
      thor (>= 0.14.0)
    byebug (11.1.3)
    diff-lcs (1.5.0)
    docile (1.4.0)
    nio4r (2.5.8)
    psych (4.0.4)
      stringio
    puma (5.6.4)
      nio4r (~> 2.0)
    rack (2.2.3.1)
    rake (13.0.6)
    rdoc (6.4.0)
      psych (>= 4.0.0)
    rexml (3.2.5)
    rspec (3.11.0)
      rspec-core (~> 3.11.0)
      rspec-expectations (~> 3.11.0)
      rspec-mocks (~> 3.11.0)
    rspec-core (3.11.0)
      rspec-support (~> 3.11.0)
    rspec-expectations (3.11.0)
      diff-lcs (>= 1.2.0, < 2.0)
      rspec-support (~> 3.11.0)
    rspec-mocks (3.11.1)
      diff-lcs (>= 1.2.0, < 2.0)
      rspec-support (~> 3.11.0)
    rspec-support (3.11.0)
    sdoc (2.4.0)
      rdoc (>= 5.0)
    simplecov (0.21.2)
      docile (~> 1.1)
      simplecov-html (~> 0.11)
      simplecov_json_formatter (~> 0.1)
    simplecov-cobertura (2.1.0)
      rexml
      simplecov (~> 0.19)
    simplecov-html (0.12.3)
    simplecov_json_formatter (0.1.4)
    stringio (3.0.2)
    thor (1.2.1)

PLATFORMS
  x86_64-darwin-20
  x86_64-darwin-21
  x86_64-linux

DEPENDENCIES
  amazing_print
  appraisal
  byebug
  puma
  rack
  rake (~> 13.0)
  rspec (~> 3.0)
  sdoc
  simplecov
  simplecov-cobertura

BUNDLED WITH
   2.3.14
